GEM
  remote: http://rubygems.org/
  specs:
    cri (2.0.2)
    nanoc (3.2.1)
      nanoc3 (>= 3.2.1)
    nanoc3 (3.2.1)
      cri (~> 2.0)

PLATFORMS
  ruby

DEPENDENCIES
  nanoc
